PATH
  remote: .
  specs:
    kiribori (0.99.1)
      rack (~> 2.0.7)
      thor (~> 0.20.3)

GEM
  remote: https://rubygems.org/
  specs:
    addressable (2.8.1)
      public_suffix (>= 2.0.2, < 6.0)
    aruba (0.14.12)
      childprocess (>= 0.6.3, < 4.0.0)
      contracts (~> 0.9)
      cucumber (>= 1.3.19)
      ffi (~> 1.9)
      rspec-expectations (>= 2.99)
      thor (~> 0.19)
    ast (2.4.0)
    backports (3.15.0)
    builder (3.2.3)
    capybara (3.29.0)
      addressable
      mini_mime (>= 0.1.3)
      nokogiri (~> 1.8)
      rack (>= 1.6.0)
      rack-test (>= 0.6.3)
      regexp_parser (~> 1.5)
      xpath (~> 3.2)
    childprocess (3.0.0)
    codecov (0.1.15)
      json
      simplecov
      url
    contracts (0.16.0)
    cucumber (3.1.2)
      builder (>= 2.1.2)
      cucumber-core (~> 3.2.0)
      cucumber-expressions (~> 6.0.1)
      cucumber-wire (~> 0.0.1)
      diff-lcs (~> 1.3)
      gherkin (~> 5.1.0)
      multi_json (>= 1.7.5, < 2.0)
      multi_test (>= 0.1.2)
    cucumber-core (3.2.1)
      backports (>= 3.8.0)
      cucumber-tag_expressions (~> 1.1.0)
      gherkin (~> 5.0)
    cucumber-expressions (6.0.1)
    cucumber-tag_expressions (1.1.1)
    cucumber-wire (0.0.1)
    diff-lcs (1.3)
    docile (1.3.2)
    ffi (1.11.1)
    gherkin (5.1.0)
    jaro_winkler (1.5.4)
    json (2.2.0)
    mini_mime (1.0.2)
    mini_portile2 (2.4.0)
    multi_json (1.14.1)
    multi_test (0.1.2)
    nokogiri (1.10.5)
      mini_portile2 (~> 2.4.0)
    parallel (1.18.0)
    parser (2.6.5.0)
      ast (~> 2.4.0)
    public_suffix (5.0.0)
    rack (2.0.7)
    rack-test (1.1.0)
      rack (>= 1.0, < 3)
    rainbow (3.0.0)
    rake (10.5.0)
    regexp_parser (1.6.0)
    rspec (3.8.0)
      rspec-core (~> 3.8.0)
      rspec-expectations (~> 3.8.0)
      rspec-mocks (~> 3.8.0)
    rspec-core (3.8.2)
      rspec-support (~> 3.8.0)
    rspec-expectations (3.8.6)
      diff-lcs (>= 1.2.0, < 2.0)
      rspec-support (~> 3.8.0)
    rspec-mocks (3.8.2)
      diff-lcs (>= 1.2.0, < 2.0)
      rspec-support (~> 3.8.0)
    rspec-support (3.8.3)
    rubocop (0.74.0)
      jaro_winkler (~> 1.5.1)
      parallel (~> 1.10)
      parser (>= 2.6)
      rainbow (>= 2.2.2, < 4.0)
      ruby-progressbar (~> 1.7)
      unicode-display_width (>= 1.4.0, < 1.7)
    rubocop-checkstyle_formatter (0.4.0)
      rubocop (>= 0.35.1)
    rubocop-junit-formatter (0.1.4)
    rubocop-performance (1.5.0)
      rubocop (>= 0.71.0)
    rubocop-rspec (1.36.0)
      rubocop (>= 0.68.1)
    ruby-progressbar (1.10.1)
    simplecov (0.17.1)
      docile (~> 1.1)
      json (>= 1.8, < 3)
      simplecov-html (~> 0.10.0)
    simplecov-html (0.10.2)
    thor (0.20.3)
    unicode-display_width (1.6.0)
    url (0.3.2)
    xpath (3.2.0)
      nokogiri (~> 1.8)

PLATFORMS
  ruby

DEPENDENCIES
  aruba
  bundler (~> 2.0)
  capybara
  codecov
  cucumber
  kiribori!
  rake (~> 10.0)
  rspec (~> 3.8.0)
  rubocop (= 0.74.0)
  rubocop-checkstyle_formatter
  rubocop-junit-formatter
  rubocop-performance
  rubocop-rspec
  simplecov

BUNDLED WITH
   2.0.2
